GEM
  remote: https://rubygems.org/
  specs:
    addressable (2.8.0)
      public_suffix (>= 2.0.2, < 5.0)
    json-schema (2.8.0)
      addressable (>= 2.4)
    public_suffix (4.0.6)
    rake (12.3.2)

PLATFORMS
  ruby

DEPENDENCIES
  json-schema
  rake

BUNDLED WITH
   1.17.2
